GEM
  remote: https://rubygems.org/
  specs:
    Ascii85 (1.0.3)
    afm (0.2.2)
    airrecord (0.2.4)
      faraday (~> 0.10)
      net-http-persistent (~> 2.9)
    byebug (10.0.2)
    colorize (0.8.1)
    faraday (0.15.2)
      multipart-post (>= 1.2, < 3)
    hashery (2.1.2)
    multipart-post (2.0.0)
    net-http-persistent (2.9.4)
    origami (2.1.0)
      colorize (~> 0.7)
    pdf-reader (2.1.0)
      Ascii85 (~> 1.0.0)
      afm (~> 0.2.1)
      hashery (~> 2.0)
      ruby-rc4
      ttfunk
    ruby-rc4 (0.1.5)
    ttfunk (1.5.1)

PLATFORMS
  ruby

DEPENDENCIES
  airrecord
  byebug
  origami
  pdf-reader

BUNDLED WITH
   1.16.1
