GEM
  remote: https://rubygems.org/
  specs:
    airtable (0.0.9)
      httparty
    httparty (0.16.2)
      multi_xml (>= 0.5.2)
    multi_xml (0.6.0)

PLATFORMS
  ruby

DEPENDENCIES
  airtable

BUNDLED WITH
   1.16.1
